GIT
  remote: git://github.com/hnakamur/asciidoctor-diagram-cacoo.git
  revision: 22ff64d0815a02eb48ada37b583aeaeddf56a479
  specs:
    asciidoctor-diagram-cacoo (0.2.1)

GEM
  remote: https://rubygems.org/
  specs:
    asciidoctor (1.5.1)
    asciidoctor-diagram (1.3.0.preview.1)
      asciidoctor (~> 1.5.0)
      rjb (~> 1.4.8)
    filewatcher (0.3.4)
      trollop (~> 2.0)
    rake (10.3.2)
    rjb (1.4.9)
    trollop (2.0)

PLATFORMS
  ruby

DEPENDENCIES
  asciidoctor
  asciidoctor-diagram (= 1.3.0.preview.1)
  asciidoctor-diagram-cacoo!
  filewatcher
  rake
