GEM
  remote: https://rubygems.org/
  specs:
    asciidoctor (1.5.1)
    asciidoctor-diagram (1.3.0.preview.1)
      asciidoctor (~> 1.5.0)
      rjb (~> 1.4.8)
    asciidoctor-diagram-cacoo (0.2.2)
    filewatcher (0.3.4)
      trollop (~> 2.0)
    mini_portile (0.6.0)
    nokogiri (1.6.3.1)
      mini_portile (= 0.6.0)
    rake (10.3.2)
    rjb (1.4.9)
    trollop (2.0)

PLATFORMS
  ruby

DEPENDENCIES
  asciidoctor
  asciidoctor-diagram (= 1.3.0.preview.1)
  asciidoctor-diagram-cacoo
  filewatcher
  nokogiri
  rake
